GIT
  remote: git://github.com/feedbackmine/language_detector.git
  revision: 89102790194150b3a8110ce691f9989b8ce70f8d
  specs:
    language_detector (0.1.2)

GEM
  remote: https://rubygems.org/
  specs:
    activesupport (4.0.2)
      i18n (~> 0.6, >= 0.6.4)
      minitest (~> 4.2)
      multi_json (~> 1.3)
      thread_safe (~> 0.1)
      tzinfo (~> 0.3.37)
    atomic (1.1.14)
    diff-lcs (1.2.5)
    factory_girl (4.3.0)
      activesupport (>= 3.0.0)
    i18n (0.6.9)
    minitest (4.3.2)
    multi_json (1.8.4)
    rspec (2.14.1)
      rspec-core (~> 2.14.0)
      rspec-expectations (~> 2.14.0)
      rspec-mocks (~> 2.14.0)
    rspec-core (2.14.8)
    rspec-expectations (2.14.5)
      diff-lcs (>= 1.1.3, < 2.0)
    rspec-mocks (2.14.6)
    thread_safe (0.1.3)
      atomic
    tzinfo (0.3.38)

PLATFORMS
  x64-mingw32

DEPENDENCIES
  factory_girl
  language_detector!
  rspec
